GIT
  remote: https://github.com/BEST10developers/capistrano-rsync.git
  revision: 95e22f67eb9ab77ffad1de02e07e987e51e92df5
  specs:
    capistrano-rsync (1.0.2)
      capistrano (>= 3.0.0.pre14, < 4)

GEM
  remote: https://rubygems.org/
  specs:
    action_args (1.5.2)
    actionmailer (4.2.0)
      actionpack (= 4.2.0)
      actionview (= 4.2.0)
      activejob (= 4.2.0)
      mail (~> 2.5, >= 2.5.4)
      rails-dom-testing (~> 1.0, >= 1.0.5)
    actionpack (4.2.0)
      actionview (= 4.2.0)
      activesupport (= 4.2.0)
      rack (~> 1.6.0)
      rack-test (~> 0.6.2)
      rails-dom-testing (~> 1.0, >= 1.0.5)
      rails-html-sanitizer (~> 1.0, >= 1.0.1)
    actionview (4.2.0)
      activesupport (= 4.2.0)
      builder (~> 3.1)
      erubis (~> 2.7.0)
      rails-dom-testing (~> 1.0, >= 1.0.5)
      rails-html-sanitizer (~> 1.0, >= 1.0.1)
    activejob (4.2.0)
      activesupport (= 4.2.0)
      globalid (>= 0.3.0)
    activemodel (4.2.0)
      activesupport (= 4.2.0)
      builder (~> 3.1)
    activerecord (4.2.0)
      activemodel (= 4.2.0)
      activesupport (= 4.2.0)
      arel (~> 6.0)
    activesupport (4.2.0)
      i18n (~> 0.7)
      json (~> 1.7, >= 1.7.7)
      minitest (~> 5.1)
      thread_safe (~> 0.3, >= 0.3.4)
      tzinfo (~> 1.1)
    arel (6.0.0)
    ast (2.0.0)
    astrolabe (1.3.0)
      parser (>= 2.2.0.pre.3, < 3.0)
    awesome_print (1.6.1)
    binding_of_caller (0.7.2)
      debug_inspector (>= 0.0.1)
    bitters (1.0.0)
      bourbon (>= 3.2)
      sass (>= 3.2)
      thor
    bourbon (4.1.1)
      sass (~> 3.3)
      thor
    builder (3.2.2)
    bullet (4.14.2)
      activesupport (>= 3.0.0)
      uniform_notifier (>= 1.6.0)
    byebug (3.5.1)
      columnize (~> 0.8)
      debugger-linecache (~> 1.2)
      slop (~> 3.6)
    capistrano (3.3.5)
      capistrano-stats (~> 1.1.0)
      i18n
      rake (>= 10.0.0)
      sshkit (~> 1.3)
    capistrano-bundler (1.1.4)
      capistrano (~> 3.1)
      sshkit (~> 1.2)
    capistrano-rails (1.1.2)
      capistrano (~> 3.1)
      capistrano-bundler (~> 1.1)
    capistrano-rbenv (2.0.3)
      capistrano (~> 3.1)
      sshkit (~> 1.3)
    capistrano-stats (1.1.1)
    capistrano3-unicorn (0.2.1)
      capistrano (~> 3.1, >= 3.1.0)
    capybara (2.4.4)
      mime-types (>= 1.16)
      nokogiri (>= 1.3.3)
      rack (>= 1.0.0)
      rack-test (>= 0.5.4)
      xpath (~> 2.0)
    capybara-webkit (1.4.1)
      capybara (>= 2.3.0, < 2.5.0)
      json
    celluloid (0.16.0)
      timers (~> 4.0.0)
    code_analyzer (0.4.5)
      sexp_processor
    coderay (1.1.0)
    coffee-rails (4.1.0)
      coffee-script (>= 2.2.0)
      railties (>= 4.0.0, < 5.0)
    coffee-script (2.3.0)
      coffee-script-source
      execjs
    coffee-script-source (1.8.0)
    colored (1.2)
    colorize (0.7.5)
    columnize (0.9.0)
    debug_inspector (0.0.2)
    debugger-linecache (1.2.0)
    diff-lcs (1.2.5)
    dotenv (1.0.2)
    dotenv-rails (1.0.2)
      dotenv (= 1.0.2)
    erubis (2.7.0)
    excon (0.44.1)
    execjs (2.2.2)
    faraday (0.8.9)
      multipart-post (~> 1.2.0)
    faraday_middleware (0.9.1)
      faraday (>= 0.7.4, < 0.10)
    ffi (1.9.6)
    formatador (0.2.5)
    gherkin (2.12.2)
      multi_json (~> 1.3)
    globalid (0.3.0)
      activesupport (>= 4.1.0)
    guard (2.11.1)
      formatador (>= 0.2.4)
      listen (~> 2.7)
      lumberjack (~> 1.0)
      nenv (~> 0.1)
      notiffany (~> 0.0)
      pry (>= 0.9.12)
      shellany (~> 0.0)
      thor (>= 0.18.1)
    guard-rails (0.7.0)
      guard (~> 2.0)
    haml (4.0.6)
      tilt
    haml-rails (0.7.0)
      actionpack (>= 4.0.1)
      activesupport (>= 4.0.1)
      haml (>= 3.1, < 5.0)
      html2haml (>= 1.0.1)
      railties (>= 4.0.1)
    hashie (3.3.2)
    hike (1.2.3)
    hitimes (1.2.2)
    html2haml (2.0.0)
      erubis (~> 2.7.0)
      haml (~> 4.0.0)
      nokogiri (~> 1.6.0)
      ruby_parser (~> 3.5)
    i18n (0.7.0)
    jbuilder (2.2.6)
      activesupport (>= 3.0.0, < 5)
      multi_json (~> 1.2)
    jquery-rails (4.0.3)
      rails-dom-testing (~> 1.0)
      railties (>= 4.2.0)
      thor (>= 0.14, < 2.0)
    json (1.8.2)
    listen (2.8.5)
      celluloid (>= 0.15.2)
      rb-fsevent (>= 0.9.3)
      rb-inotify (>= 0.9)
    loofah (2.0.1)
      nokogiri (>= 1.5.9)
    lumberjack (1.0.9)
    mail (2.6.3)
      mime-types (>= 1.16, < 3)
    mandrill-api (1.0.53)
      excon (>= 0.16.0, < 1.0)
      json (>= 1.7.7, < 2.0)
    method_source (0.8.2)
    mime-types (2.4.3)
    mini_portile (0.6.2)
    minitest (5.5.1)
    mtracker (0.1.0)
    multi_json (1.10.1)
    multipart-post (1.2.0)
    nenv (0.2.0)
    net-scp (1.2.1)
      net-ssh (>= 2.6.5)
    net-ssh (2.9.2)
    nokogiri (1.6.6.2)
      mini_portile (~> 0.6.0)
    notiffany (0.0.3)
      nenv (~> 0.1)
      shellany (~> 0.0)
    parser (2.2.0.2)
      ast (>= 1.1, < 3.0)
    pocket-ruby (0.0.5)
      faraday (>= 0.7, < 0.9)
      faraday_middleware (~> 0.8)
      hashie (>= 0.4.0)
      multi_json (~> 1.0, >= 1.0.3)
    powerpack (0.0.9)
    pry (0.10.1)
      coderay (~> 1.1.0)
      method_source (~> 0.8.1)
      slop (~> 3.4)
    rack (1.6.0)
    rack-test (0.6.3)
      rack (>= 1.0)
    rails (4.2.0)
      actionmailer (= 4.2.0)
      actionpack (= 4.2.0)
      actionview (= 4.2.0)
      activejob (= 4.2.0)
      activemodel (= 4.2.0)
      activerecord (= 4.2.0)
      activesupport (= 4.2.0)
      bundler (>= 1.3.0, < 2.0)
      railties (= 4.2.0)
      sprockets-rails
    rails-deprecated_sanitizer (1.0.3)
      activesupport (>= 4.2.0.alpha)
    rails-dom-testing (1.0.5)
      activesupport (>= 4.2.0.beta, < 5.0)
      nokogiri (~> 1.6.0)
      rails-deprecated_sanitizer (>= 1.0.1)
    rails-html-sanitizer (1.0.1)
      loofah (~> 2.0)
    rails_best_practices (1.15.4)
      activesupport
      awesome_print
      code_analyzer (>= 0.4.3)
      colored
      erubis
      i18n
      json
      require_all
      ruby-progressbar
    railties (4.2.0)
      actionpack (= 4.2.0)
      activesupport (= 4.2.0)
      rake (>= 0.8.7)
      thor (>= 0.18.1, < 2.0)
    rainbow (2.0.0)
    rake (10.4.2)
    rb-fsevent (0.9.4)
    rb-inotify (0.9.5)
      ffi (>= 0.5.0)
    rdoc (4.2.0)
      json (~> 1.4)
    render_anywhere (0.0.10)
      rails (>= 3.0.7)
    require_all (1.3.2)
    rspec (3.1.0)
      rspec-core (~> 3.1.0)
      rspec-expectations (~> 3.1.0)
      rspec-mocks (~> 3.1.0)
    rspec-core (3.1.7)
      rspec-support (~> 3.1.0)
    rspec-expectations (3.1.2)
      diff-lcs (>= 1.2.0, < 2.0)
      rspec-support (~> 3.1.0)
    rspec-mocks (3.1.3)
      rspec-support (~> 3.1.0)
    rspec-rails (3.1.0)
      actionpack (>= 3.0)
      activesupport (>= 3.0)
      railties (>= 3.0)
      rspec-core (~> 3.1.0)
      rspec-expectations (~> 3.1.0)
      rspec-mocks (~> 3.1.0)
      rspec-support (~> 3.1.0)
    rspec-support (3.1.2)
    rubocop (0.28.0)
      astrolabe (~> 1.3)
      parser (>= 2.2.0.pre.7, < 3.0)
      powerpack (~> 0.0.6)
      rainbow (>= 1.99.1, < 3.0)
      ruby-progressbar (~> 1.4)
    ruby-progressbar (1.7.1)
    ruby_parser (3.6.4)
      sexp_processor (~> 4.1)
    sass (3.4.10)
    sass-rails (5.0.1)
      railties (>= 4.0.0, < 5.0)
      sass (~> 3.1)
      sprockets (>= 2.8, < 4.0)
      sprockets-rails (>= 2.0, < 4.0)
      tilt (~> 1.1)
    sdoc (0.4.1)
      json (~> 1.7, >= 1.7.7)
      rdoc (~> 4.0)
    sexp_processor (4.4.5)
    shellany (0.0.1)
    slop (3.6.0)
    sprockets (2.12.3)
      hike (~> 1.2)
      multi_json (~> 1.0)
      rack (~> 1.0)
      tilt (~> 1.1, != 1.3.0)
    sprockets-rails (2.2.4)
      actionpack (>= 3.0)
      activesupport (>= 3.0)
      sprockets (>= 2.8, < 4.0)
    sqlite3 (1.3.10)
    sshkit (1.6.1)
      colorize (>= 0.7.0)
      net-scp (>= 1.1.2)
      net-ssh (>= 2.8.0)
    thor (0.19.1)
    thread_safe (0.3.4)
    tilt (1.4.1)
    timers (4.0.1)
      hitimes
    turbolinks (2.5.3)
      coffee-rails
    turnip (1.2.4)
      gherkin (>= 2.5)
      rspec (>= 2.14.0, < 4.0)
    tzinfo (1.2.2)
      thread_safe (~> 0.1)
    uglifier (2.7.0)
      execjs (>= 0.3.0)
      json (>= 1.8.0)
    uniform_notifier (1.6.2)
    validates_email_format_of (1.6.2)
      i18n
    web-console (2.0.0)
      activemodel (~> 4.0)
      binding_of_caller (>= 0.7.2)
      railties (~> 4.0)
      sprockets-rails (>= 2.0, < 4.0)
    xpath (2.0.0)
      nokogiri (~> 1.3)

PLATFORMS
  ruby

DEPENDENCIES
  action_args
  bitters
  bullet
  byebug
  capistrano-rails
  capistrano-rbenv
  capistrano-rsync!
  capistrano3-unicorn
  capybara
  capybara-webkit
  coffee-rails (~> 4.1.0)
  dotenv-rails
  guard-rails
  haml-rails
  jbuilder (~> 2.0)
  jquery-rails
  mandrill-api
  mtracker
  pocket-ruby (~> 0.0.5)
  pry
  rails (= 4.2.0)
  rails_best_practices
  render_anywhere
  rspec-rails
  rubocop
  sass-rails (~> 5.0)
  sdoc (~> 0.4.0)
  sqlite3
  turbolinks
  turnip
  uglifier (>= 1.3.0)
  validates_email_format_of
  web-console (~> 2.0)
